CONTENT: NONE
NUGET
  remote: https://www.nuget.org/api/v2
    Alea (3.0.0-beta19)
    Alea.Parallel (3.0.0-beta19)
      Alea (3.0.0-beta19)
    CSMatIO (1.0.2)
      zlib.net (>= 1.0.4)
    FAKE (4.28)
    NuGet.CommandLine (3.3)
    NUnit (2.6.4)
    NUnit.Runners.Net4 (2.6.4)
    SharpZipLib (0.86)
    Templatus (0.3)
    zlib.net (1.0.4)
