CONTENT: NONE
NUGET
  remote: http://beta.aleagpu.com/nuget
  specs:
    Alea (3.0.0-beta15)
    Alea.Parallel (3.0.0-beta15)
      Alea (3.0.0-beta15)
  remote: https://www.nuget.org/api/v2
  specs:
    FAKE (4.28.0)
    NuGet.CommandLine (3.3.0)
    NUnit (2.6.4)
    NUnit.Runners.Net4 (2.6.4)
    SharpZipLib (0.86.0)
    Templatus (0.3.0)
